GEM
  remote: https://rubygems.org/
  specs:
    activesupport (6.1.7.5)
      concurrent-ruby (~> 1.0, >= 1.0.2)
      i18n (>= 1.6, < 2)
      minitest (>= 5.1)
      tzinfo (~> 2.0)
      zeitwerk (~> 2.3)
    coderay (1.1.0)
    concurrent-ruby (1.2.2)
    diff-lcs (1.2.4)
    ffi (1.9.10-java)
    i18n (1.14.1)
      concurrent-ruby (~> 1.0)
    method_source (0.8.2)
    minitest (5.20.0)
    multi_json (1.15.0)
    pry (0.10.3)
      coderay (~> 1.1.0)
      method_source (~> 0.8.1)
      slop (~> 3.4)
    pry (0.10.3-java)
      coderay (~> 1.1.0)
      method_source (~> 0.8.1)
      slop (~> 3.4)
      spoon (~> 0.0)
    pry-doc (0.8.0)
      pry (~> 0.9)
      yard (~> 0.8)
    rake (10.3.0)
    rspec (2.14.1)
      rspec-core (~> 2.14.0)
      rspec-expectations (~> 2.14.0)
      rspec-mocks (~> 2.14.0)
    rspec-core (2.14.4)
    rspec-expectations (2.14.0)
      diff-lcs (>= 1.1.3, < 2.0)
    rspec-mocks (2.14.1)
    simplecov (0.7.1)
      multi_json (~> 1.0)
      simplecov-html (~> 0.7.1)
    simplecov-html (0.7.1)
    slop (3.6.0)
    spoon (0.0.4)
      ffi
    tzinfo (2.0.6)
      concurrent-ruby (~> 1.0)
    yard (0.8.7.6)
    zeitwerk (2.6.12)

PLATFORMS
  java
  ruby

DEPENDENCIES
  activesupport
  method_source (>= 0.8.2)
  pry (~> 0.10.3)
  pry-doc (>= 0.8.0)
  rake (~> 10.3.0)
  rspec (~> 2.14)
  simplecov
